GEM
  remote: https://rubygems.org/
  specs:
    addressable (2.8.0)
      public_suffix (>= 2.0.2, < 5.0)
    asciidoctor (1.5.8)
    asciimath (1.0.8)
    camertron-eprun (1.1.1)
    cldr-plurals-runtime-rb (1.0.1)
    cnccs (0.1.4)
    concurrent-ruby (1.1.5)
    faraday (0.16.2)
      multipart-post (>= 1.2, < 3)
    ffi (1.11.1)
    gb-agencies (0.0.6)
    git (1.5.0)
    html2doc (0.8.13)
      asciimath (~> 1.0.7)
      htmlentities (~> 4.3.4)
      image_size
      mime-types
      nokogiri (>= 1.10.4)
      thread_safe
      uuidtools
    htmlentities (4.3.4)
    iev (0.2.3)
      nokogiri (>= 1.10.4)
    image_size (2.0.2)
    iso-639 (0.2.8)
    isodoc (1.0.3)
      asciimath
      html2doc (~> 0.8.11)
      htmlentities (~> 4.3.4)
      liquid
      metanorma (~> 0.3.0)
      nokogiri (>= 1.10.4)
      rake (~> 12.0)
      roman-numerals
      sassc (~> 2)
      thread_safe
      uuidtools
    isoics (0.1.8)
    liquid (4.0.3)
    metanorma (0.3.15)
      asciidoctor
      htmlentities
    metanorma-acme (1.3.2)
      asciidoctor (~> 1.5.7)
      htmlentities (~> 4.3.4)
      isodoc (~> 1.0.0)
      metanorma-standoc (~> 1.3.0)
      ruby-jing
    metanorma-cli (1.2.7)
      git (~> 1.5)
      isodoc (~> 1.0.0)
      metanorma (~> 0.3.9)
      metanorma-acme (~> 1.3.0)
      metanorma-csand (~> 1.3.0)
      metanorma-csd (~> 1.3.0)
      metanorma-gb (~> 1.3.0)
      metanorma-iec (~> 0.0.5)
      metanorma-ietf (~> 1.0.1)
      metanorma-iso (~> 1.3.0)
      metanorma-itu (~> 0.2.0)
      metanorma-m3d (~> 1.3.0)
      metanorma-nist (~> 0.2.0)
      metanorma-ogc (~> 0.2.0)
      metanorma-standoc (~> 1.3.0)
      metanorma-unece (~> 0.2.0)
      thor (~> 0.20.3)
    metanorma-csand (1.3.2)
      asciidoctor (~> 1.5.7)
      asciimath
      htmlentities (~> 4.3.4)
      image_size
      isodoc (~> 1.0.0)
      metanorma-standoc (~> 1.3.0)
      mime-types
      ruby-jing
      thread_safe
      uuidtools
    metanorma-csd (1.3.2)
      isodoc (~> 1.0.0)
      metanorma-standoc (~> 1.3.0)
    metanorma-gb (1.3.3)
      gb-agencies (~> 0.0.4)
      htmlentities (~> 4.3.4)
      isodoc (~> 1.0.0)
      metanorma-iso (~> 1.3.0)
      twitter_cldr (~> 4.4.4)
    metanorma-iec (0.0.6)
      asciidoctor (~> 1.5.7)
      isodoc (~> 1.0.0)
      metanorma-iso (~> 1.3.0)
      ruby-jing
    metanorma-ietf (1.0.6)
      isodoc (~> 1.0.0)
      metanorma-standoc (~> 1.3.0)
    metanorma-iso (1.3.3)
      asciidoctor (~> 1.5.7)
      isodoc (~> 1.0.0)
      metanorma-standoc (~> 1.3.0)
      ruby-jing
    metanorma-itu (0.2.5)
      asciidoctor (~> 1.5.7)
      htmlentities (~> 4.3.4)
      isodoc (~> 1.0.0)
      metanorma-standoc (~> 1.3.0)
      ruby-jing
    metanorma-m3d (1.3.2)
      asciidoctor (~> 1.5.7)
      asciimath
      htmlentities (~> 4.3.4)
      image_size
      isodoc (~> 1.0.0)
      metanorma-standoc (~> 1.3.0)
      mime-types
      ruby-jing
      thread_safe
      uuidtools
    metanorma-nist (0.2.3)
      asciidoctor (~> 1.5.7)
      htmlentities (~> 4.3.4)
      isodoc (~> 1.0.0)
      metanorma-standoc (~> 1.3.0)
      ruby-jing
      twitter_cldr
      tzinfo-data
    metanorma-ogc (0.2.3)
      asciidoctor (~> 1.5.7)
      htmlentities (~> 4.3.4)
      iso-639
      isodoc (~> 1.0.0)
      metanorma-standoc (~> 1.3.0)
      ruby-jing
    metanorma-standoc (1.3.3)
      asciidoctor (~> 1.5.7)
      concurrent-ruby
      html2doc (~> 0.8.11)
      iev (~> 0.2.1)
      isodoc (~> 1.0.0)
      mimemagic
      relaton (~> 0.5.0)
      relaton-iev (~> 0.1.0)
      ruby-jing
      sterile (~> 1.0.14)
      unicode2latex (~> 0.0.1)
    metanorma-unece (0.2.3)
      asciidoctor (~> 1.5.7)
      htmlentities (~> 4.3.4)
      iso-639
      isodoc (~> 1.0.0)
      metanorma-standoc (~> 1.3.0)
      roman-numerals
      ruby-jing
      twitter_cldr
    mime-types (3.3)
      mime-types-data (~> 3.2015)
    mime-types-data (3.2019.0904)
    mimemagic (0.4.3)
      nokogiri (~> 1)
      rake
    mini_portile2 (2.6.1)
    multipart-post (2.1.1)
    nokogiri (1.12.5)
      mini_portile2 (~> 2.6.1)
      racc (~> 1.4)
    optout (0.0.2)
    public_suffix (4.0.6)
    racc (1.5.2)
    rake (12.3.3)
    relaton (0.5.5)
      relaton-gb (~> 0.6.0)
      relaton-iec (~> 0.4.0)
      relaton-ietf (~> 0.6.0)
      relaton-iso (~> 0.6.0)
      relaton-itu (~> 0.3.0)
      relaton-nist (~> 0.3.0)
      relaton-ogc (~> 0.1.0)
    relaton-bib (0.3.8)
      addressable
      nokogiri
    relaton-cli (0.3.6)
      liquid
      relaton (~> 0.5)
      thor
    relaton-gb (0.6.4)
      cnccs (~> 0.1.1)
      gb-agencies (~> 0.0.1)
      relaton-iso-bib (~> 0.3.0)
    relaton-iec (0.4.6)
      addressable
      relaton-iso-bib (~> 0.3.0)
    relaton-ietf (0.6.5)
      relaton-bib (~> 0.3.0)
    relaton-iev (0.1.1)
      relaton (~> 0.5.0)
    relaton-iso (0.6.6)
      relaton-iec (~> 0.4.0)
      relaton-iso-bib (~> 0.3.0)
    relaton-iso-bib (0.3.7)
      isoics (~> 0.1.6)
      relaton-bib (~> 0.3.0)
      ruby_deep_clone (~> 0.8.0)
    relaton-itu (0.3.4)
      relaton-iso-bib (~> 0.3.0)
    relaton-nist (0.3.5)
      relaton-bib (~> 0.3.0)
      rubyzip
    relaton-ogc (0.1.1)
      faraday
      relaton-iso-bib (~> 0.3.0)
    roman-numerals (0.3.0)
    ruby-jing (0.0.1)
      optout (>= 0.0.2)
    ruby_deep_clone (0.8.0)
    rubyzip (2.0.0)
    sassc (2.2.1)
      ffi (~> 1.9)
    sterile (1.0.14)
      nokogiri
    thor (0.20.3)
    thread_safe (0.3.6)
    twitter_cldr (4.4.5)
      camertron-eprun
      cldr-plurals-runtime-rb (~> 1.0)
      tzinfo
    tzinfo (2.0.0)
      concurrent-ruby (~> 1.0)
    tzinfo-data (1.2019.3)
      tzinfo (>= 1.0.0)
    unicode2latex (0.0.3)
    uuidtools (2.1.5)

PLATFORMS
  ruby

DEPENDENCIES
  metanorma
  metanorma-cli
  relaton-cli

BUNDLED WITH
   2.0.2
