GEM
  remote: https://rubygems.org/
  specs:
    addressable (2.6.0)
      public_suffix (>= 2.0.2, < 4.0)
    algoliasearch (1.26.0)
      httpclient (~> 2.8, >= 2.8.3)
      json (>= 1.5.1)
    asciidoctor (1.5.8)
    asciimath (1.0.8)
    camertron-eprun (1.1.1)
    cldr-plurals-runtime-rb (1.0.1)
    cnccs (0.1.3)
    concurrent-ruby (1.1.5)
    ffi (1.11.1)
    gb-agencies (0.0.5)
    git (1.5.0)
    html2doc (0.8.12)
      asciimath (~> 1.0.7)
      htmlentities (~> 4.3.4)
      image_size
      mime-types
      nokogiri
      thread_safe
      uuidtools
    htmlentities (4.3.4)
    httpclient (2.8.3)
    iev (0.2.2)
      nokogiri
    image_size (2.0.1)
    iso-639 (0.2.8)
    isodoc (0.10.1)
      asciimath
      html2doc (~> 0.8.11)
      htmlentities (~> 4.3.4)
      liquid
      metanorma (~> 0.3.0)
      nokogiri (>= 1)
      rake (~> 12.0)
      roman-numerals
      sassc (~> 2)
      thread_safe
      uuidtools
    isoics (0.1.7)
    json (2.2.0)
    liquid (4.0.3)
    metanorma (0.3.14)
      asciidoctor
      htmlentities
    metanorma-acme (1.2.1)
      asciidoctor (~> 1.5.7)
      htmlentities (~> 4.3.4)
      isodoc (~> 0.10.0)
      metanorma-standoc (~> 1.2.0)
      ruby-jing
    metanorma-cli (1.2.2)
      git (~> 1.5)
      isodoc (~> 0.10.0)
      metanorma (~> 0.3.9)
      metanorma-acme (~> 1.2.0)
      metanorma-csand (~> 1.2.0)
      metanorma-csd (~> 1.2.0)
      metanorma-gb (~> 1.2.0)
      metanorma-ietf (~> 1.0.1)
      metanorma-iso (~> 1.2.0)
      metanorma-m3d (~> 1.2.0)
      metanorma-nist (~> 0.1.0)
      metanorma-ogc (~> 0.1.0)
      metanorma-standoc (~> 1.2.0)
      metanorma-unece (~> 0.1.0)
      nokogiri (>= 1)
      thor (~> 0.20.3)
    metanorma-csand (1.2.1)
      asciidoctor (~> 1.5.7)
      asciimath
      htmlentities (~> 4.3.4)
      image_size
      isodoc (~> 0.10.0)
      metanorma-standoc (~> 1.2.0)
      mime-types
      nokogiri
      ruby-jing
      thread_safe
      uuidtools
    metanorma-csd (1.2.1)
      isodoc (~> 0.10.0)
      metanorma-standoc (~> 1.2.0)
    metanorma-gb (1.2.1)
      gb-agencies (~> 0.0.4)
      htmlentities (~> 4.3.4)
      isodoc (~> 0.10.0)
      metanorma-iso (~> 1.2.0)
      twitter_cldr (~> 4.4.4)
    metanorma-ietf (1.0.3)
      isodoc (~> 0.10.0)
      metanorma-standoc (~> 1.2.0)
    metanorma-iso (1.2.1)
      asciidoctor (~> 1.5.7)
      isodoc (~> 0.10.0)
      metanorma-standoc (~> 1.2.0)
      ruby-jing
    metanorma-m3d (1.2.1)
      asciidoctor (~> 1.5.7)
      asciimath
      htmlentities (~> 4.3.4)
      image_size
      isodoc (~> 0.10.0)
      metanorma-standoc (~> 1.2.0)
      mime-types
      nokogiri
      ruby-jing
      thread_safe
      uuidtools
    metanorma-nist (0.1.2)
      asciidoctor (~> 1.5.7)
      htmlentities (~> 4.3.4)
      isodoc (~> 0.10.0)
      metanorma-standoc (~> 1.2.0)
      relaton-nist (~> 0.2.0)
      ruby-jing
      twitter_cldr
      tzinfo-data
    metanorma-ogc (0.1.1)
      asciidoctor (~> 1.5.7)
      htmlentities (~> 4.3.4)
      iso-639
      isodoc (~> 0.10.0)
      metanorma-standoc (~> 1.2.0)
      ruby-jing
    metanorma-standoc (1.2.1)
      asciidoctor (~> 1.5.7)
      concurrent-ruby
      html2doc (~> 0.8.11)
      iev (~> 0.2.1)
      isodoc (~> 0.10.0)
      relaton (~> 0.4.0)
      relaton-cli (~> 0.2.0)
      ruby-jing
      sterile (~> 1.0.14)
      unicode2latex (~> 0.0.1)
    metanorma-unece (0.1.1)
      asciidoctor (~> 1.5.7)
      htmlentities (~> 4.3.4)
      iso-639
      isodoc (~> 0.10.0)
      metanorma-standoc (~> 1.2.0)
      roman-numerals
      ruby-jing
      twitter_cldr
    mime-types (3.2.2)
      mime-types-data (~> 3.2015)
    mime-types-data (3.2019.0331)
    mini_portile2 (2.3.0)
    nokogiri (1.8.5)
      mini_portile2 (~> 2.3.0)
    optout (0.0.2)
    public_suffix (3.1.1)
    rake (12.3.2)
    relaton (0.4.1)
      algoliasearch
      relaton-gb (~> 0.5.0)
      relaton-iec (~> 0.3.0)
      relaton-ietf (~> 0.5.0)
      relaton-iso (~> 0.5.0)
      relaton-iso-bib (~> 0.2.0)
      relaton-itu (~> 0.2.0)
      relaton-nist (~> 0.2.0)
    relaton-bib (0.2.3)
      addressable
      nokogiri (~> 1.8.4)
    relaton-cli (0.2.1)
      liquid
      relaton (~> 0.4)
      thor
    relaton-gb (0.5.1)
      cnccs (~> 0.1.1)
      gb-agencies (~> 0.0.1)
      relaton-iso-bib (~> 0.2.0)
    relaton-iec (0.3.1)
      addressable
      relaton-iso-bib (~> 0.2.0)
    relaton-ietf (0.5.3)
      relaton-iso-bib (~> 0.2.0)
    relaton-iso (0.5.1)
      algoliasearch
      relaton-iec (~> 0.3.0)
      relaton-iso-bib (~> 0.2.0)
    relaton-iso-bib (0.2.3)
      isoics (~> 0.1.6)
      nokogiri (~> 1.8.4)
      relaton-bib (~> 0.2.0)
      ruby_deep_clone (~> 0.8.0)
    relaton-itu (0.2.1)
      relaton-iso-bib (~> 0.2.0)
    relaton-nist (0.2.2)
      relaton-bib (~> 0.2.0)
      rubyzip
    roman-numerals (0.3.0)
    ruby-jing (0.0.1)
      optout (>= 0.0.2)
    ruby_deep_clone (0.8.0)
    rubyzip (1.2.3)
    sassc (2.0.1)
      ffi (~> 1.9)
      rake
    sterile (1.0.14)
      nokogiri
    thor (0.20.3)
    thread_safe (0.3.6)
    twitter_cldr (4.4.4)
      camertron-eprun
      cldr-plurals-runtime-rb (~> 1.0)
      tzinfo
    tzinfo (2.0.0)
      concurrent-ruby (~> 1.0)
    tzinfo-data (1.2019.2)
      tzinfo (>= 1.0.0)
    unicode2latex (0.0.2)
    uuidtools (2.1.5)

PLATFORMS
  ruby

DEPENDENCIES
  metanorma
  metanorma-cli
  relaton-cli

BUNDLED WITH
   2.0.2
